GEM
  remote: https://rubygems.org/
  specs:
    mail (2.6.3)
      mime-types (>= 1.16, < 3)
    mime-types (2.4.3)
    rack (1.6.0)

PLATFORMS
  ruby

DEPENDENCIES
  mail
  rack
